GEM
  remote: https://rubygems.org/
  specs:
    colorize (0.5.8)
    slop (3.4.4)

PLATFORMS
  ruby

DEPENDENCIES
  colorize
  slop
